GEM
  remote: https://rubygems.org/
  specs:
    plist (3.4.0)
    rainbow (3.0.0)
    thor (0.20.3)

PLATFORMS
  ruby

DEPENDENCIES
  plist
  rainbow
  thor

BUNDLED WITH
   2.1.4
